PATH
  remote: .
  specs:
    buildr-android (0.0.1)

GEM
  remote: http://rubygems.org/
  specs:

PLATFORMS
  ruby

DEPENDENCIES
  buildr-android!
