PATH
  remote: .
  specs:
    buildr-android (0.0.1)
      builder (= 2.1.2)

GEM
  remote: http://rubygems.org/
  specs:
    atoulme-Antwrap (0.7.1)
      rjb (>= 1.0.3)
    builder (2.1.2)
    classifier (1.3.3)
      fast-stemmer (>= 1.0.0)
    diff-lcs (1.1.2)
    directory_watcher (1.3.2)
    fast-stemmer (1.0.0)
    highline (1.5.1)
    hoe (2.3.3)
      rake (>= 0.8.7)
      rubyforge (>= 1.0.4)
    jekyll (0.6.2)
      classifier (>= 1.3.1)
      directory_watcher (>= 1.1.1)
      liquid (>= 1.9.0)
      maruku (>= 0.5.9)
    jekylltask (1.0.2)
      jekyll (>= 0.6.2)
      rake (>= 0.8.7)
    json (1.4.6)
    json_pure (1.4.3)
    liquid (2.2.2)
    maruku (0.6.0)
      syntax (>= 1.0.0)
    minitar (0.5.3)
    net-sftp (2.0.4)
      net-ssh (>= 2.0.9)
    net-ssh (2.0.23)
    rake (0.8.7)
    rcov (0.9.9)
    rdoc (2.4.3)
    rjb (1.3.3)
    rspec (2.1.0)
      rspec-core (~> 2.1.0)
      rspec-expectations (~> 2.1.0)
      rspec-mocks (~> 2.1.0)
    rspec-core (2.1.0)
    rspec-expectations (2.1.0)
      diff-lcs (~> 1.1.2)
    rspec-mocks (2.1.0)
    rubyforge (2.0.3)
      json_pure (>= 1.1.7)
    rubyzip (0.9.4)
    sdoc (0.2.20)
      json (>= 1.1.3)
      rdoc (= 2.4.3)
    syntax (1.0.0)
    xml-simple (1.0.12)

PLATFORMS
  ruby

DEPENDENCIES
  atoulme-Antwrap (= 0.7.1)
  builder (= 2.1.2)
  buildr-android!
  highline (= 1.5.1)
  hoe (= 2.3.3)
  jekyll (~> 0.6.2)
  jekylltask (>= 1.0.2)
  json_pure (= 1.4.3)
  minitar (= 0.5.3)
  net-sftp (= 2.0.4)
  net-ssh (= 2.0.23)
  rake
  rcov (= 0.9.9)
  rjb (= 1.3.3)
  rspec
  rubyforge (= 2.0.3)
  rubyzip (= 0.9.4)
  sdoc
  xml-simple (= 1.0.12)
